PATH
  remote: .
  specs:
    cigar_brands (0.1.0)
      nokogiri

GEM
  remote: https://rubygems.org/
  specs:
    coderay (1.1.3)
    method_source (1.0.0)
    mini_portile2 (2.8.0)
    nokogiri (1.13.8)
      mini_portile2 (~> 2.8.0)
      racc (~> 1.4)
    pry (0.14.1)
      coderay (~> 1.1)
      method_source (~> 1.0)
    racc (1.6.0)
    rake (13.0.6)

PLATFORMS
  ruby

DEPENDENCIES
  cigar_brands!
  pry
  rake (~> 13.0)

BUNDLED WITH
   2.3.9
